GEM
  specs:
    WingenderTFClass (0.1.1)

PLATFORMS
  ruby

DEPENDENCIES
  WingenderTFClass (~> 0.1.0)

BUNDLED WITH
   1.10.6
